PATH
  remote: .
  specs:
    nerdword-client (0.1.0)

GEM
  remote: http://rubygems.org/
  specs:
    cane (2.5.0)
      parallel
    diff-lcs (1.1.3)
    json (1.7.6)
    parallel (0.6.1)
    rake (10.0.3)
    rspec (2.12.0)
      rspec-core (~> 2.12.0)
      rspec-expectations (~> 2.12.0)
      rspec-mocks (~> 2.12.0)
    rspec-core (2.12.2)
    rspec-expectations (2.12.1)
      diff-lcs (~> 1.1.3)
    rspec-mocks (2.12.1)

PLATFORMS
  ruby

DEPENDENCIES
  cane
  json
  nerdword-client!
  rake
  rspec
