PATH
  remote: .
  specs:
    nerdword-client (0.1.0)

GEM
  remote: http://rubygems.org/
  specs:

PLATFORMS
  ruby

DEPENDENCIES
  nerdword-client!
